{
    "ProcedureStepDescription": "MR_HEAD_WO_IV_CONTRAST",
    "DeviceSerialNumber": "167024",
    "EffectiveEchoSpacing": 0.000689998,
    "TotalReadoutTime": 0.0717598,
    "ManufacturersModelName": "Prisma_fit",
    "ProtocolName": "ABCD_dMRI",
    "BandwidthPerPixelPhaseEncode": 10.352,
    "PhaseEncodingLines": 140,
    "RepetitionTime": 4.2,
    "EchoTrainLength": 105,
    "MagneticFieldStrength": 3,
    "AcquisitionNumber": 1,
    "InstitutionName": "HUP",
    "BodyPartExamined": "BRAIN",
    "ConversionSoftware": "dcm2niix",
    "ScanningSequence": "EP",
    "Manufacturer": "Siemens",
    "FlipAngle": 90,
    "InstitutionAddress": "Spruce_Street_3400_Philadelphia_Pennsylvania_US_19104",
    "SeriesDescription": "ABCD_dMRI",
    "ConversionSoftwareVersion": "v1.0.20170724 (OpenJPEG build) GCC6.1.0",
    "AcquisitionTime": "16:31:6.145000",
    "SequenceName": "ep_b0",
    "ImageType": [
        "ORIGINAL",
        "PRIMARY",
        "DIFFUSION",
        "NONE",
        "ND",
        "MOSAIC"
    ],
    "EchoTime": 0.089,
    "SequenceVariant": "SK_SP",
    "SliceTiming": [
        0.0,
        0.11666666666666667,
        0.23333333333333334,
        0.35,
        0.4666666666666667,
        0.5833333333333334,
        0.7,
        0.8166666666666667,
        0.9333333333333333,
        1.05,
        1.1666666666666667,
        1.2833333333333334,
        1.4,
        1.5166666666666666,
        1.6333333333333333,
        1.75,
        1.8666666666666667,
        1.9833333333333334,
        2.1,
        2.216666666666667,
        2.3333333333333335,
        2.45,
        2.566666666666667,
        2.6833333333333336,
        2.8,
        2.9166666666666665,
        3.033333333333333,
        3.15,
        3.2666666666666666,
        3.3833333333333333,
        3.5,
        3.6166666666666667,
        3.7333333333333334,
        3.85,
        3.966666666666667,
        4.083333333333333
    ],
    "PhaseEncodingDirection": "j-",
    "SoftwareVersions": "syngo_MR_E11",
    "IntendedFor": [
        "ses-phdiff/func/sub-01_ses-phdiff_task-rest_bold.nii.gz"
    ]
}
